PATH
  remote: .
  specs:
    wiresnark (0.1.8)
      pcaprub

GEM
  remote: http://rubygems.org/
  specs:
    minitest (3.3.0)
    pcaprub (0.11.2)

PLATFORMS
  ruby

DEPENDENCIES
  bundler
  minitest (>= 3)
  wiresnark!
