PATH
  remote: .
  specs:
    wiresnark (0.1.8)
      pcaprub

GEM
  remote: https://rubygems.org/
  specs:
    minitest (4.7.2)
    pcaprub (0.11.3)

PLATFORMS
  ruby

DEPENDENCIES
  minitest (~> 4.0)
  wiresnark!
