PATH
  remote: .
  specs:
    wiresnark (0.1.8)
      pcaprub

GEM
  remote: http://rubygems.org/
  specs:
    ffi (1.1.5)
    listen (0.5.3)
    minitest (4.1.0)
    pcaprub (0.11.2)
    rake (0.9.2.2)
    rb-inotify (0.8.8)
      ffi (>= 0.5.0)
    rerun (0.7.1)
      listen

PLATFORMS
  ruby

DEPENDENCIES
  bundler
  minitest (~> 4.0)
  rake
  rb-inotify
  rerun
  wiresnark!
