PATH
  remote: .
  specs:
    wiresnark (0.0.6)
      ffi
      nokogiri
      pcaprub

GEM
  remote: http://rubygems.org/
  specs:
    ffi (1.0.11)
    minitest (2.10.0)
    nokogiri (1.5.0)
    pcaprub (0.11.2)

PLATFORMS
  ruby

DEPENDENCIES
  bundler
  minitest (>= 2.3)
  wiresnark!
