PATH
  remote: .
  specs:
    wiresnark (0.1.8)
      ffi
      nokogiri
      pcaprub

GEM
  remote: http://rubygems.org/
  specs:
    ffi (1.0.11)
    minitest (2.11.3)
    nokogiri (1.5.2)
    pcaprub (0.11.2)

PLATFORMS
  ruby

DEPENDENCIES
  bundler
  minitest (>= 2.11.1)
  wiresnark!
